GEM
  remote: http://rubygems.org/
  specs:
    bosh_common (0.5.4)
    diff-lcs (1.2.3)
    rake (10.0.4)
    recursive-open-struct (0.3.1)
    rspec (2.13.0)
      rspec-core (~> 2.13.0)
      rspec-expectations (~> 2.13.0)
      rspec-mocks (~> 2.13.0)
    rspec-core (2.13.1)
    rspec-expectations (2.13.0)
      diff-lcs (>= 1.1.3, < 2.0)
    rspec-mocks (2.13.1)

PLATFORMS
  ruby

DEPENDENCIES
  bosh_common
  rake
  recursive-open-struct
  rspec
